GEM
  remote: https://rubygems.org/
  specs:
    backports (3.6.8)
    commander (4.4.0)
      highline (~> 1.7.2)
    highline (1.7.8)
    microsoft_computer_vision (0.2.0)
      commander (~> 4.4.0)
    multi_json (1.12.1)
    rack (1.6.4)
    rack-protection (1.5.3)
      rack
    rack-test (0.6.3)
      rack (>= 1.0)
    sinatra (1.4.7)
      rack (~> 1.5)
      rack-protection (~> 1.4)
      tilt (>= 1.3, < 3)
    sinatra-contrib (1.4.6)
      backports (>= 2.0)
      multi_json
      rack-protection
      rack-test
      sinatra (~> 1.4.0)
      tilt (>= 1.3, < 3)
    tilt (2.0.5)

PLATFORMS
  ruby

DEPENDENCIES
  microsoft_computer_vision
  sinatra
  sinatra-contrib

BUNDLED WITH
   1.10.6
